GIT
  remote: git://github.com/ruby-rdf/rdf.git
  revision: c0b5c377da27951f0c8cd54e0cbde58493df29af
  specs:
    rdf (1.0.5)
      addressable (>= 2.2)

PATH
  remote: .
  specs:
    rdf-aggregate-repo (0.0.1)
      rdf (>= 1.0)

PATH
  remote: ../rdf-spec
  specs:
    rdf-spec (1.0.6)
      rspec (>= 2.12)

GEM
  remote: http://rubygems.org/
  specs:
    addressable (2.3.4)
    columnize (0.3.6)
    debugger (1.5.0)
      columnize (>= 0.3.1)
      debugger-linecache (~> 1.2.0)
      debugger-ruby_core_source (~> 1.2.0)
    debugger-linecache (1.2.0)
    debugger-ruby_core_source (1.2.0)
    diff-lcs (1.2.4)
    rake (10.0.4)
    redcarpet (2.2.2)
    rspec (2.13.0)
      rspec-core (~> 2.13.0)
      rspec-expectations (~> 2.13.0)
      rspec-mocks (~> 2.13.0)
    rspec-core (2.13.1)
    rspec-expectations (2.13.0)
      diff-lcs (>= 1.1.3, < 2.0)
    rspec-mocks (2.13.1)
    wirble (0.1.3)
    yard (0.8.6.1)

PLATFORMS
  ruby

DEPENDENCIES
  debugger
  rake
  rdf!
  rdf-aggregate-repo!
  rdf-spec!
  redcarpet
  rspec (>= 2.12)
  ruby-debug
  wirble
  yard (>= 0.8)
